GEM
  remote: https://rubygems.org/
  specs:
    rack (1.6.4)
    sinatra (1.0)
      rack (>= 1.0)

PLATFORMS
  ruby

DEPENDENCIES
  rack
  sinatra

BUNDLED WITH
   1.12.5
